GIT
  remote: git://github.com/resque/resque.git
  revision: cb337e134c21a8c87db2a9d6bf090e083af6a950
  specs:
    resque (2.0.0.pre.1)
      json
      mono_logger (~> 1.0)
      redis-namespace (>= 1.3.0)
      thor (~> 0.17)

GEM
  specs:
    json (1.8.2)
    mono_logger (1.1.0)
    redis (3.2.0)
    redis-namespace (1.5.1)
      redis (~> 3.0, >= 3.0.4)
    thor (0.19.1)

PLATFORMS
  ruby

DEPENDENCIES
  resque (~> 2.0.0.pre.1)!
